GIT
  remote: git://github.com/hyone/my_docker_rake.git
  revision: 41f668e53b03ffbe5b5871dbc6e0231b4ff3ce7a
  specs:
    my_docker_rake (0.0.11)
      rake

GEM
  remote: https://rubygems.org/
  specs:
    archive-tar-minitar (0.5.2)
    diff-lcs (1.2.5)
    docker-api (1.10.4)
      archive-tar-minitar
      excon (>= 0.28)
      json
    excon (0.32.1)
    highline (1.6.21)
    json (1.8.1)
    net-ssh (2.8.0)
    rake (10.2.2)
    rspec (2.14.1)
      rspec-core (~> 2.14.0)
      rspec-expectations (~> 2.14.0)
      rspec-mocks (~> 2.14.0)
    rspec-core (2.14.8)
    rspec-expectations (2.14.5)
      diff-lcs (>= 1.1.3, < 2.0)
    rspec-mocks (2.14.6)
    serverspec (1.0.0)
      highline
      net-ssh
      rspec (~> 2.13)
      specinfra (>= 1.0.0)
    specinfra (1.0.1)

PLATFORMS
  ruby

DEPENDENCIES
  docker-api
  my_docker_rake!
  rake
  rspec
  serverspec
